PATH
  remote: .
  specs:
    bowtie_json_schemer (0.1.0)
      json_schemer (~> 0.2)

GEM
  remote: https://rubygems.org/
  specs:
    ecma-re-validator (0.4.0)
      regexp_parser (~> 2.2)
    hana (1.3.7)
    json_schemer (0.2.21)
      ecma-re-validator (~> 0.3)
      hana (~> 1.3)
      regexp_parser (~> 2.0)
      uri_template (~> 0.7)
    regexp_parser (2.5.0)
    uri_template (0.7.0)

PLATFORMS
  universal-darwin-21

DEPENDENCIES
  bowtie_json_schemer!

BUNDLED WITH
   2.3.7
